GIT
  remote: https://github.com/k0kubun/middleman.git
  revision: bd681def6bcee5acbcfd9123adeb90e34ff56212
  branch: master
  specs:
    middleman (5.0.0.rc.2)
      coffee-script (~> 2.4)
      haml (>= 4.0.5)
      kramdown (~> 2.3)
      middleman-cli (= 5.0.0.rc.2)
      middleman-core (= 5.0.0.rc.2)
      webrick (~> 1.7)
    middleman-cli (5.0.0.rc.2)
      thor (>= 0.17.0, < 2.0)
    middleman-core (5.0.0.rc.2)
      activesupport (>= 5.0.0)
      addressable (~> 2)
      bundler
      contracts (~> 0.17)
      dotenv
      erubis
      execjs (~> 2)
      fastimage (~> 2)
      hamster (~> 3)
      hashie (~> 5)
      i18n (~> 1)
      listen (~> 3)
      memoist (~> 0)
      oj (~> 3)
      padrino-helpers (~> 0.15.0)
      parallel
      rack (>= 1.4.5, < 3)
      rgl (~> 0.5)
      sassc (~> 2)
      servolux
      terser (~> 1.1)
      tilt (~> 2.0.9)
      toml
      webrick

GEM
  remote: https://rubygems.org/
  specs:
    activesupport (7.0.4)
      concurrent-ruby (~> 1.0, >= 1.0.2)
      i18n (>= 1.6, < 2)
      minitest (>= 5.1)
      tzinfo (~> 2.0)
    addressable (2.8.1)
      public_suffix (>= 2.0.2, < 6.0)
    coffee-script (2.4.1)
      coffee-script-source
      execjs
    coffee-script-source (1.12.2)
    concurrent-ruby (1.1.10)
    contracts (0.17)
    dotenv (2.8.1)
    erubis (2.7.0)
    execjs (2.8.1)
    fastimage (2.2.6)
    ffi (1.15.5)
    haml (6.0.9)
      temple (>= 0.8.2)
      thor
      tilt
    hamster (3.0.0)
      concurrent-ruby (~> 1.0)
    hashie (5.0.0)
    i18n (1.12.0)
      concurrent-ruby (~> 1.0)
    kramdown (2.4.0)
      rexml
    listen (3.7.1)
      rb-fsevent (~> 0.10, >= 0.10.3)
      rb-inotify (~> 0.9, >= 0.9.10)
    memoist (0.16.2)
    minitest (5.16.3)
    oj (3.13.23)
    padrino-helpers (0.15.1)
      i18n (>= 0.6.7, < 2)
      padrino-support (= 0.15.1)
      tilt (>= 1.4.1, < 3)
    padrino-support (0.15.1)
    pairing_heap (1.0.0)
    parallel (1.22.1)
    parslet (2.0.0)
    public_suffix (5.0.0)
    rack (2.2.4)
    rb-fsevent (0.11.2)
    rb-inotify (0.10.1)
      ffi (~> 1.0)
    rexml (3.2.5)
    rgl (0.5.9)
      pairing_heap (>= 0.3.0)
      rexml (~> 3.2, >= 3.2.4)
      stream (~> 0.5.3)
    sassc (2.4.0)
      ffi (~> 1.9)
    servolux (0.13.0)
    stream (0.5.5)
    temple (0.9.1)
    terser (1.1.12)
      execjs (>= 0.3.0, < 3)
    thor (1.2.1)
    tilt (2.0.11)
    toml (0.3.0)
      parslet (>= 1.8.0, < 3.0.0)
    tzinfo (2.0.5)
      concurrent-ruby (~> 1.0)
    webrick (1.7.0)

PLATFORMS
  x86_64-linux

DEPENDENCIES
  middleman!

BUNDLED WITH
   2.3.22
